PATH
  remote: .
  specs:
    heroku_release (0.1.1)

GEM
  remote: http://rubygems.org/
  specs:
    diff-lcs (1.1.2)
    mocha (0.9.9)
      rake
    rake (0.8.7)
    rspec (2.0.0)
      rspec-core (= 2.0.0)
      rspec-expectations (= 2.0.0)
      rspec-mocks (= 2.0.0)
    rspec-core (2.0.0)
    rspec-expectations (2.0.0)
      diff-lcs (>= 1.1.2)
    rspec-mocks (2.0.0)
      rspec-core (= 2.0.0)
      rspec-expectations (= 2.0.0)

PLATFORMS
  ruby

DEPENDENCIES
  heroku_release!
  mocha (~> 0.9.9)
  rspec (~> 2.0.0)
